PATH
  remote: .
  specs:
    white_tail (0.1.0)
      activesupport (>= 5.2, < 7.0)
      capybara (~> 3.20)
      selenium-webdriver (~> 3.142)

GEM
  remote: https://rubygems.org/
  specs:
    activesupport (6.0.3.1)
      concurrent-ruby (~> 1.0, >= 1.0.2)
      i18n (>= 0.7, < 2)
      minitest (~> 5.1)
      tzinfo (~> 1.1)
      zeitwerk (~> 2.2, >= 2.2.2)
    addressable (2.7.0)
      public_suffix (>= 2.0.2, < 5.0)
    capybara (3.32.2)
      addressable
      mini_mime (>= 0.1.3)
      nokogiri (~> 1.8)
      rack (>= 1.6.0)
      rack-test (>= 0.6.3)
      regexp_parser (~> 1.5)
      xpath (~> 3.2)
    childprocess (3.0.0)
    concurrent-ruby (1.1.6)
    diff-lcs (1.3)
    i18n (1.8.2)
      concurrent-ruby (~> 1.0)
    mini_mime (1.0.2)
    mini_portile2 (2.4.0)
    minitest (5.14.1)
    nokogiri (1.10.9)
      mini_portile2 (~> 2.4.0)
    public_suffix (4.0.5)
    rack (2.2.2)
    rack-test (1.1.0)
      rack (>= 1.0, < 3)
    rake (13.0.1)
    regexp_parser (1.7.0)
    rspec (3.8.0)
      rspec-core (~> 3.8.0)
      rspec-expectations (~> 3.8.0)
      rspec-mocks (~> 3.8.0)
    rspec-core (3.8.0)
      rspec-support (~> 3.8.0)
    rspec-expectations (3.8.3)
      diff-lcs (>= 1.2.0, < 2.0)
      rspec-support (~> 3.8.0)
    rspec-mocks (3.8.0)
      diff-lcs (>= 1.2.0, < 2.0)
      rspec-support (~> 3.8.0)
    rspec-support (3.8.0)
    rubyzip (2.3.0)
    selenium-webdriver (3.142.7)
      childprocess (>= 0.5, < 4.0)
      rubyzip (>= 1.2.2)
    thread_safe (0.3.6)
    tzinfo (1.2.7)
      thread_safe (~> 0.1)
    xpath (3.2.0)
      nokogiri (~> 1.8)
    zeitwerk (2.3.0)

PLATFORMS
  ruby

DEPENDENCIES
  bundler (~> 1.16)
  rake (~> 13.0)
  rspec (~> 3.0)
  white_tail!

BUNDLED WITH
   1.16.6
